GEM
  remote: http://rubygems.org/
  specs:
    addressable (2.2.8)
    builder (3.1.3)
    capybara (2.0.2)
      mime-types (>= 1.16)
      nokogiri (>= 1.3.3)
      rack (>= 1.0.0)
      rack-test (>= 0.5.4)
      selenium-webdriver (~> 2.0)
      xpath (~> 1.0.0)
    childprocess (0.3.7)
      ffi (~> 1.0, >= 1.0.6)
    data_objects (0.10.9)
      addressable (~> 2.1)
    diff-lcs (1.1.3)
    dm-aggregates (1.2.0)
      dm-core (~> 1.2.0)
    dm-core (1.2.0)
      addressable (~> 2.2.6)
    dm-do-adapter (1.2.0)
      data_objects (~> 0.10.6)
      dm-core (~> 1.2.0)
    dm-migrations (1.2.0)
      dm-core (~> 1.2.0)
    dm-postgres-adapter (1.2.0)
      dm-do-adapter (~> 1.2.0)
      do_postgres (~> 0.10.6)
    dm-validations (1.2.0)
      dm-core (~> 1.2.0)
    do_postgres (0.10.9)
      data_objects (= 0.10.9)
    erubis (2.7.0)
    ffi (1.3.1)
    ims-lti (1.1.2)
      builder
      oauth (~> 0.4.5)
      uuid
    json (1.5.1)
    libwebsocket (0.1.7.1)
      addressable
      websocket
    macaddr (1.6.1)
      systemu (~> 2.5.0)
    mime-types (1.19)
    multi_json (1.5.0)
    nokogiri (1.5.5)
    oauth (0.4.5)
    rack (1.4.1)
    rack-protection (1.2.0)
      rack
    rack-test (0.6.2)
      rack (>= 1.0)
    rspec (2.12.0)
      rspec-core (~> 2.12.0)
      rspec-expectations (~> 2.12.0)
      rspec-mocks (~> 2.12.0)
    rspec-core (2.12.2)
    rspec-expectations (2.12.1)
      diff-lcs (~> 1.1.3)
    rspec-mocks (2.12.1)
    rubyzip (0.9.9)
    sanitize (2.0.3)
      nokogiri (>= 1.4.4, < 1.6)
    selenium-webdriver (2.27.2)
      childprocess (>= 0.2.5)
      libwebsocket (~> 0.1.3)
      multi_json (~> 1.0)
      rubyzip
    sinatra (1.3.1)
      rack (~> 1.3, >= 1.3.4)
      rack-protection (~> 1.1, >= 1.1.2)
      tilt (~> 1.3, >= 1.3.3)
    systemu (2.5.2)
    tilt (1.3.3)
    uuid (2.3.5)
      macaddr (~> 1.0)
    websocket (1.0.7)
    xpath (1.0.0)
      nokogiri (~> 1.3)

PLATFORMS
  ruby

DEPENDENCIES
  capybara
  dm-aggregates
  dm-core
  dm-migrations
  dm-postgres-adapter
  dm-validations
  erubis
  ims-lti
  json
  nokogiri
  oauth (= 0.4.5)
  rack-test
  rspec
  sanitize
  selenium-webdriver
  sinatra (= 1.3.1)
